PATH
  remote: .
  specs:
    json_stream_trigger (0.1)

GEM
  remote: https://rubygems.org/
  specs:
    json-stream (0.2.1)
    minitest (5.8.3)

PLATFORMS
  ruby

DEPENDENCIES
  json-stream
  json_stream_trigger!
  minitest

BUNDLED WITH
   1.10.6
