PATH
  remote: .
  specs:
    my-gem (0.1)

GEM
  remote: https://rubygems.org/
  specs:
    json-stream (0.2.1)
    minitest (5.8.3)

PLATFORMS
  ruby

DEPENDENCIES
  json-stream
  minitest
  my-gem!
